PATH
  remote: ../logstash2/
  specs:
    logstash (1.1.10.dev)
      awesome_print
      aws-sdk
      beefcake (= 0.3.7)
      bunny (>= 0.9.0.pre6)
      cabin (= 0.5.0)
      cinch
      clamp
      excon
      ffi
      ffi-rzmq (= 0.9.3)
      filewatch (= 0.5.1)
      ftw (~> 0.0.28)
      gelf (= 1.3.2)
      gelfd (= 0.2.0)
      geoip (>= 1.1.0)
      gmetric (= 0.1.3)
      haml
      heroku
      i18n
      insist (= 0.0.8)
      jls-grok (= 0.10.10)
      jls-lumberjack (> 0)
      json
      mail
      mail
      metriks
      minitest
      mocha
      mongo
      msgpack
      murmurhash3
      mysql2
      onstomp
      php-serialize
      pry
      rack
      redis
      riak-client (= 1.0.3)
      riemann-client (= 0.0.6)
      rspec
      rufus-scheduler
      rumbster
      sass
      shoulda
      sinatra
      snmp
      spoon
      statsd-ruby (= 0.3.0)
      stud
      sys-uname
      user_agent_parser (>= 2.0.0)
      uuidtools
      varnish-rb
      xml-simple
      xmpp4r (= 0.5)

GEM
  remote: https://rubygems.org/
  specs:
    activesupport (3.2.12)
      i18n (~> 0.6)
      multi_json (~> 1.0)
    addressable (2.3.3)
    amq-protocol (1.2.0)
    atomic (1.0.2)
    avl_tree (1.1.3)
    awesome_print (1.1.0)
    aws-sdk (1.8.5)
      json (~> 1.4)
      nokogiri (>= 1.4.4)
      uuidtools (~> 2.1)
    backports (2.3.0)
    beefcake (0.3.7)
    bourne (1.4.0)
      mocha (~> 0.13.2)
    bson (1.8.4)
    builder (3.2.0)
    bunny (0.9.0.pre8)
      amq-protocol (>= 1.2.0)
    cabin (0.5.0)
    cinch (2.0.4)
    clamp (0.5.1)
    coderay (1.0.9)
    diff-lcs (1.2.2)
    dm-core (1.0.2)
      addressable (~> 2.2)
      extlib (~> 0.9.15)
    dm-redis-adapter (0.3.0)
      dm-core (>= 1.0.2)
      dm-types (>= 1.0.2)
      redis (>= 2.0.3)
    dm-types (1.0.2)
      dm-core (~> 1.0.2)
      fastercsv (~> 1.5.3)
      json_pure (~> 1.4)
      stringex (~> 1.1.0)
      uuidtools (~> 2.1.1)
    excon (0.20.1)
    extlib (0.9.16)
    fastercsv (1.5.5)
    ffi (1.6.0)
    ffi-rzmq (0.9.3)
      ffi
    filewatch (0.5.1)
    ftw (0.0.28)
      addressable (~> 2.3.2)
      backports (= 2.3.0)
      cabin (> 0)
      http_parser.rb (= 0.5.3)
      minitest (> 0)
    gelf (1.3.2)
      json
    gelfd (0.2.0)
    geoip (1.2.1)
    gmetric (0.1.3)
    haml (4.0.1)
      tilt
    heroku (2.37.0)
      heroku-api (~> 0.3.7)
      launchy (>= 0.3.2)
      netrc (~> 0.7.7)
      rest-client (~> 1.6.1)
      rubyzip
    heroku-api (0.3.9)
      excon (~> 0.20.1)
    hitimes (1.2.1)
    http_parser.rb (0.5.3)
    i18n (0.6.4)
    insist (0.0.8)
    jls-grok (0.10.10)
      cabin (~> 0.5.0)
    jls-lumberjack (0.0.18)
    json (1.7.7)
    json_pure (1.7.7)
    launchy (2.2.0)
      addressable (~> 2.3)
    mail (2.5.3)
      i18n (>= 0.4.0)
      mime-types (~> 1.16)
      treetop (~> 1.4.8)
    metaclass (0.0.1)
    method_source (0.8.1)
    metriks (0.9.9.4)
      atomic (~> 1.0)
      avl_tree (~> 1.1.2)
      hitimes (~> 1.1)
    mime-types (1.22)
    minitest (4.7.0)
    mocha (0.13.3)
      metaclass (~> 0.0.1)
    mongo (1.8.4)
      bson (~> 1.8.4)
    mono_logger (1.0.0)
    msgpack (0.5.4)
    mtrc (0.0.4)
    multi_json (1.7.2)
    murmurhash3 (0.1.3)
    mysql2 (0.3.11)
    netrc (0.7.7)
    nokogiri (1.5.9)
    onstomp (1.0.7)
    php-serialize (1.1.0)
    polyglot (0.3.3)
    pry (0.9.12)
      coderay (~> 1.0.5)
      method_source (~> 0.8)
      slop (~> 3.4)
    rack (1.5.2)
    rack-protection (1.5.0)
      rack
    rake (10.0.3)
    redis (3.0.3)
    redis-namespace (1.2.1)
      redis (~> 3.0.0)
    resque (1.24.1)
      mono_logger (~> 1.0)
      multi_json (~> 1.0)
      redis-namespace (~> 1.2)
      sinatra (>= 0.9.2)
      vegas (~> 0.1.2)
    rest-client (1.6.7)
      mime-types (>= 1.16)
    riak-client (1.0.3)
      beefcake (~> 0.3.7)
      builder (>= 2.1.2)
      i18n (>= 0.4.0)
      multi_json (~> 1.0)
    riemann-client (0.0.6)
      beefcake (>= 0.3.5)
      mtrc (>= 0.0.4)
      trollop (>= 1.16.2)
    rspec (2.13.0)
      rspec-core (~> 2.13.0)
      rspec-expectations (~> 2.13.0)
      rspec-mocks (~> 2.13.0)
    rspec-core (2.13.1)
    rspec-expectations (2.13.0)
      diff-lcs (>= 1.1.3, < 2.0)
    rspec-mocks (2.13.0)
    rubyzip (0.9.9)
    rufus-scheduler (2.0.18)
      tzinfo (>= 0.3.23)
    rumbster (1.1.1)
      mail (= 2.5.3)
    sass (3.2.7)
    shoulda (3.4.0)
      shoulda-context (~> 1.0, >= 1.0.1)
      shoulda-matchers (~> 1.0, >= 1.4.1)
    shoulda-context (1.1.0)
    shoulda-matchers (1.5.6)
      activesupport (>= 3.0.0)
      bourne (~> 1.3)
    sinatra (1.4.2)
      rack (~> 1.5, >= 1.5.2)
      rack-protection (~> 1.4)
      tilt (~> 1.3, >= 1.3.4)
    slop (3.4.4)
    snmp (1.1.1)
    spoon (0.0.3)
      ffi
    statsd-ruby (0.3.0)
    stringex (1.1.0)
    stud (0.0.13)
      ffi
      metriks
    sys-uname (0.9.1)
      ffi (>= 1.0.0)
    tilt (1.3.6)
    treetop (1.4.12)
      polyglot
      polyglot (>= 0.3.1)
    trollop (2.0)
    tzinfo (0.3.37)
    user_agent_parser (2.0.0)
    uuidtools (2.1.3)
    varnish-rb (0.2.0)
      ffi
    vegas (0.1.11)
      rack (>= 1.0.0)
    xml-simple (1.1.2)
    xmpp4r (0.5)

PLATFORMS
  ruby

DEPENDENCIES
  dm-core
  dm-redis-adapter
  json
  logstash!
  rake
  resque
  sinatra
